PATH
  remote: .
  specs:
    mort666_simhash (0.2.6)
      activesupport
      unicode

GEM
  remote: https://rubygems.org/
  specs:
    activesupport (4.2.4)
      i18n (~> 0.7)
      json (~> 1.7, >= 1.7.7)
      minitest (~> 5.1)
      thread_safe (~> 0.3, >= 0.3.4)
      tzinfo (~> 1.1)
    i18n (0.7.0)
    json (1.8.3)
    minitest (5.8.1)
    rake (10.4.2)
    rake-compiler (0.9.5)
      rake
    thread_safe (0.3.5)
    tzinfo (1.2.2)
      thread_safe (~> 0.1)
    unicode (0.4.4.2)

PLATFORMS
  ruby

DEPENDENCIES
  bundler (~> 1.6)
  minitest
  mort666_simhash!
  rake
  rake-compiler

BUNDLED WITH
   1.10.6
